GEM
  remote: https://rubygems.org/
  specs:
    event_emitter (0.2.6)
    sqlite3 (1.6.2-x64-mingw-ucrt)
    websocket (1.2.9)
    websocket-client-simple (0.6.1)
      event_emitter
      websocket

PLATFORMS
  x64-mingw-ucrt

DEPENDENCIES
  sqlite3
  websocket-client-simple

BUNDLED WITH
   2.4.10
