GIT
  remote: https://github.com/culturization/wrap
  revision: ac2557a0d8f82f866d47215309423a4075c513b7
  branch: main
  specs:
    wrap (0.2.2)
      websocket-client-simple

GEM
  remote: https://rubygems.org/
  specs:
    activemodel (7.0.5)
      activesupport (= 7.0.5)
    activerecord (7.0.5)
      activemodel (= 7.0.5)
      activesupport (= 7.0.5)
    activesupport (7.0.5)
      concurrent-ruby (~> 1.0, >= 1.0.2)
      i18n (>= 1.6, < 2)
      minitest (>= 5.1)
      tzinfo (~> 2.0)
    concurrent-ruby (1.2.2)
    dotenv (2.8.1)
    event_emitter (0.2.6)
    i18n (1.13.0)
      concurrent-ruby (~> 1.0)
    minitest (5.18.0)
    rake (13.0.6)
    require_all (3.0.0)
    sqlite3 (1.6.3-x64-mingw-ucrt)
    tzinfo (2.0.6)
      concurrent-ruby (~> 1.0)
    websocket (1.2.9)
    websocket-client-simple (0.6.1)
      event_emitter
      websocket

PLATFORMS
  x64-mingw-ucrt

DEPENDENCIES
  activerecord
  activesupport (~> 7.0)
  dotenv
  rake
  require_all
  sqlite3
  wrap (~> 0.2.2)!

BUNDLED WITH
   2.4.10
