GIT
  remote: https://github.com/culturization/wrap
  revision: 36ea812b3f6557767e99d07be3a1b6b190258108
  branch: main
  specs:
    wrap (0.3)
      websocket-client-simple

GEM
  remote: https://rubygems.org/
  specs:
    activemodel (7.0.5)
      activesupport (= 7.0.5)
    activerecord (7.0.5)
      activemodel (= 7.0.5)
      activesupport (= 7.0.5)
    activesupport (7.0.5)
      concurrent-ruby (~> 1.0, >= 1.0.2)
      i18n (>= 1.6, < 2)
      minitest (>= 5.1)
      tzinfo (~> 2.0)
    concurrent-ruby (1.2.2)
    dotenv (2.8.1)
    event_emitter (0.2.6)
    i18n (1.13.0)
      concurrent-ruby (~> 1.0)
    minitest (5.18.0)
    rake (13.0.6)
    sqlite3 (1.6.3-x64-mingw-ucrt)
    tzinfo (2.0.6)
      concurrent-ruby (~> 1.0)
    websocket (1.2.9)
    websocket-client-simple (0.6.1)
      event_emitter
      websocket

PLATFORMS
  x64-mingw-ucrt

DEPENDENCIES
  activerecord
  activesupport (~> 7.0)
  dotenv
  rake
  sqlite3
  wrap (~> 0.3.0)!

BUNDLED WITH
   2.4.10
